GEM
  remote: https://rubygems.org/
  specs:
    ast (2.4.2)
    chef-utils (18.3.0)
      concurrent-ruby
    concurrent-ruby (1.2.2)
    ffi (1.16.2)
    ffi-win32-extensions (1.0.4)
      ffi
    json (2.10.1)
    kramdown (2.4.0)
      rexml
    kramdown-parser-gfm (1.1.0)
      kramdown (~> 2.0)
    language_server-protocol (3.17.0.4)
    lint_roller (1.1.0)
    mdl (0.13.0)
      kramdown (~> 2.3)
      kramdown-parser-gfm (~> 1.1)
      mixlib-cli (~> 2.1, >= 2.1.1)
      mixlib-config (>= 2.2.1, < 4)
      mixlib-shellout
    mixlib-cli (2.1.8)
    mixlib-config (3.0.27)
      tomlrb
    mixlib-shellout (3.2.7)
      chef-utils
    mixlib-shellout (3.2.7-universal-mingw32)
      chef-utils
      ffi-win32-extensions (~> 1.0.3)
      win32-process (~> 0.9)
      wmi-lite (~> 1.0)
    parallel (1.26.3)
    parser (3.3.7.1)
      ast (~> 2.4.1)
      racc
    racc (1.8.1)
    rainbow (3.1.1)
    regexp_parser (2.10.0)
    rexml (3.3.9)
    rubocop (1.73.1)
      json (~> 2.3)
      language_server-protocol (~> 3.17.0.2)
      lint_roller (~> 1.1.0)
      parallel (~> 1.10)
      parser (>= 3.3.0.2)
      rainbow (>= 2.2.2, < 4.0)
      regexp_parser (>= 2.9.3, < 3.0)
      rubocop-ast (>= 1.38.0, < 2.0)
      ruby-progressbar (~> 1.7)
      unicode-display_width (>= 2.4.0, < 4.0)
    rubocop-ast (1.38.1)
      parser (>= 3.3.1.0)
    ruby-progressbar (1.13.0)
    tomlrb (2.0.3)
    unicode-display_width (2.6.0)
    win32-process (0.10.0)
      ffi (>= 1.0.0)
    wmi-lite (1.0.7)

PLATFORMS
  ruby
  x64-mingw32

DEPENDENCIES
  mdl
  rubocop

RUBY VERSION
   ruby 3.4.2p28

BUNDLED WITH
   2.4.6
