GEM
  remote: https://rubygems.org/
  specs:
    bigdecimal (3.1.6)
    chroma (0.2.0)
    csv (3.3.2)
    fileutils (1.7.3)
    kramdown (2.5.1)
      rexml (>= 3.3.9)
    matrix (0.4.2)
    pdf-core (0.10.0)
    prawn (2.5.0)
      matrix (~> 0.4)
      pdf-core (~> 0.10.0)
      ttfunk (~> 1.8)
    rexml (3.3.9)
    ttfunk (1.8.0)
      bigdecimal (~> 3.1)

PLATFORMS
  ruby

DEPENDENCIES
  chroma
  csv
  fileutils
  kramdown
  prawn

BUNDLED WITH
   2.4.6
